GIT
  remote: git://github.com/hone/resque.git
  revision: c528f41f384b904296ef42df59e162747269df0a
  branch: keepalive
  specs:
    resque (1.19.0)
      multi_json (~> 1.0)
      redis-namespace (~> 1.0.2)
      sinatra (>= 0.9.2)
      vegas (~> 0.1.2)

GEM
  remote: http://rubygems.org/
  specs:
    activesupport (3.2.5)
      i18n (~> 0.6)
      multi_json (~> 1.0)
    broach (0.2.1)
      json (~> 1.4)
      nap (~> 0.3)
    couchrest (1.1.0)
      mime-types (~> 1.15)
      multi_json (~> 1.0.0)
      rest-client (~> 1.6.1)
    daemons (1.1.8)
    diff-lcs (1.1.3)
    eventmachine (0.12.10)
    faraday (0.8.1)
      multipart-post (~> 1.1)
    haml (3.0.25)
    hashie (0.1.8)
    hiredis (0.4.4)
    httparty (0.8.3)
      multi_json (~> 1.0)
      multi_xml
    i18n (0.6.0)
    json (1.5.1)
    json_pure (1.5.1)
    mail (2.4.4)
      i18n (>= 0.4.0)
      mime-types (~> 1.16)
      treetop (~> 1.4.8)
    mime-types (1.18)
    multi_json (1.0.4)
    multi_xml (0.5.1)
    multipart-post (1.1.5)
    nap (0.5.1)
    nokogiri (1.4.4)
    polyglot (0.3.3)
    pony (1.2)
      mail (> 2.0)
    rack (1.3.0)
    rack-test (0.6.1)
      rack (>= 1.0)
    rake (0.9.0)
    redis (2.2.2)
    redis-namespace (1.0.3)
      redis (< 3.0.0)
    rest-client (1.6.7)
      mime-types (>= 1.16)
    rspec (2.6.0)
      rspec-core (~> 2.6.0)
      rspec-expectations (~> 2.6.0)
      rspec-mocks (~> 2.6.0)
    rspec-core (2.6.4)
    rspec-expectations (2.6.0)
      diff-lcs (~> 1.1.2)
    rspec-mocks (2.6.0)
    scout_api (1.0.4)
      hashie (~> 0.1.8)
      httparty
      nokogiri
    simple_oauth (0.1.8)
    simplecov (0.6.4)
      multi_json (~> 1.0)
      simplecov-html (~> 0.5.3)
    simplecov-html (0.5.3)
    sinatra (1.1.0)
      rack (~> 1.1)
      tilt (~> 1.1)
    subcontractor (0.3.2)
    thin (1.2.11)
      daemons (>= 1.0.9)
      eventmachine (>= 0.12.6)
      rack (>= 1.0.0)
    tilt (1.3.3)
    treetop (1.4.10)
      polyglot
      polyglot (>= 0.3.1)
    twitter (2.1.0)
      activesupport (>= 2.3.9, < 4)
      faraday (~> 0.7)
      multi_json (~> 1.0)
      simple_oauth (~> 0.1)
    vegas (0.1.11)
      rack (>= 1.0.0)

PLATFORMS
  ruby

DEPENDENCIES
  broach (= 0.2.1)
  couchrest (= 1.1.0)
  haml (= 3.0.25)
  hiredis (= 0.4.4)
  json (= 1.5.1)
  json_pure (= 1.5.1)
  nokogiri (= 1.4.4)
  pony (= 1.2)
  rack (= 1.3.0)
  rack-test (>= 0.6.0)
  rake (= 0.9.0)
  redis (= 2.2.2)
  resque!
  rspec (= 2.6.0)
  rspec-core (= 2.6.4)
  scout_api (= 1.0.4)
  simplecov (>= 0.4.2)
  sinatra (= 1.1.0)
  subcontractor (= 0.3.2)
  thin (= 1.2.11)
  twitter (= 2.1.0)
